GEM
  remote: https://rubygems.org/
  specs:
    coderay (1.1.2)
    faraday (1.0.1)
      multipart-post (>= 1.2, < 3)
    jwt (2.2.1)
    method_source (1.0.0)
    mini_portile2 (2.8.0)
    multipart-post (2.1.1)
    mustermann (1.1.1)
      ruby2_keywords (~> 0.0.1)
    nokogiri (1.13.3)
      mini_portile2 (~> 2.8.0)
      racc (~> 1.4)
    pry (0.13.1)
      coderay (~> 1.1)
      method_source (~> 1.0)
    racc (1.6.0)
    rack (2.2.2)
    rack-protection (2.0.8.1)
      rack
    ruby2_keywords (0.0.2)
    sinatra (2.0.8.1)
      mustermann (~> 1.0)
      rack (~> 2.0)
      rack-protection (= 2.0.8.1)
      tilt (~> 2.0)
    tilt (2.0.10)
    twilio-ruby (5.34.0)
      faraday (>= 0.9, < 2.0)
      jwt (>= 1.5, <= 2.5)
      nokogiri (>= 1.6, < 2.0)

PLATFORMS
  ruby

DEPENDENCIES
  pry
  sinatra
  twilio-ruby

BUNDLED WITH
   2.1.2
